{
   "Modality": "MR",
   "MagneticFieldStrength": 3,
   "ImagingFrequency": 127.763,
   "Manufacturer": "GE",
   "ManufacturersModelName": "Signa_HDxt",
   "DeviceSerialNumber": "000000000000GEHC",
   "StationName": "MHMRMR3T",
   "PatientPosition": "HFS",
   "ProcedureStepDescription": "BRAIN_MRI",
   "SoftwareVersions": "24_LX_MR_Software_release:HD16.0_V02_1131.a",
   "MRAcquisitionType": "2D",
   "SeriesDescription": "DTI_B=1000_60+5",
   "ProtocolName": "DTI_B=1000_60+5",
   "ScanningSequence": "EP_SE",
   "SequenceVariant": "NONE",
   "ScanOptions": "SAT_GEMS_EPI_GEMS_ACC_GEMS_PFF_FS",
   "ImageType": [
      "ORIGINAL",
      "PRIMARY",
      "OTHER"
   ],
   "SeriesNumber": 16,
   "AcquisitionTime": "06:05:0.000000",
   "AcquisitionNumber": 1,
   "SliceThickness": 2,
   "SpacingBetweenSlices": 2,
   "SAR": 0.395016,
   "EchoTime": 0.0874,
   "RepetitionTime": 17,
   "FlipAngle": 90,
   "PhaseEncodingPolarityGE": "Flipped",
   "CoilString": "8HRBRAIN",
   "PercentPhaseFOV": 100,
   "AcquisitionMatrixPE": 128,
   "ReconMatrixPE": 128,
   "EffectiveEchoSpacing": 0.000668,
   "TotalReadoutTime": 0.084836,
   "PixelBandwidth": 3906.25,
   "PhaseEncodingDirection": "j",
   "ImageOrientationPatientDICOM": [
      1,
      0,
      0,
      0,
      1,
      0
   ],
   "InPlanePhaseEncodingDirectionDICOM": "COL",
   "ConversionSoftware": "dcm2niix",
   "ConversionSoftwareVersion": "v1.0.20190410  (JP2:OpenJPEG) (JP-LS:CharLS) GCC5.5.0"
}