{
   "Modality": "MR",
   "MagneticFieldStrength": 3,
   "ImagingFrequency": 123.243,
   "Manufacturer": "Siemens",
   "ManufacturersModelName": "Prisma",
   "InstitutionName": "University_of_Toronto",
   "InstitutionalDepartmentName": "Department",
   "InstitutionAddress": "Huron_325_TORONTO_ONTARIO_CA_M5S_3G3",
   "DeviceSerialNumber": "66108",
   "StationName": "AWP66108",
   "BodyPartExamined": "BRAIN",
   "PatientPosition": "HFS",
   "ProcedureStepDescription": "Voineskos_Colin",
   "SoftwareVersions": "syngo_MR_E11",
   "MRAcquisitionType": "3D",
   "SeriesDescription": "t1_mprage_T1_900",
   "ProtocolName": "t1_mprage_T1_900",
   "ScanningSequence": "GR_IR",
   "SequenceVariant": "SK_SP_MP_OSP",
   "ScanOptions": "IR",
   "SequenceName": "_tfl3d1_16ns",
   "ImageType": [
      "ORIGINAL",
      "PRIMARY",
      "M",
      "ND"
   ],
   "SeriesNumber": 6,
   "AcquisitionTime": "09:21:21.915000",
   "AcquisitionNumber": 1,
   "SliceThickness": 0.9,
   "SAR": 0.071604,
   "EchoTime": 0.00287,
   "RepetitionTime": 2.3,
   "InversionTime": 0.9,
   "FlipAngle": 9,
   "PartialFourier": 1,
   "BaseResolution": 256,
   "ShimSetting": [
      -1026,
      -6983,
      -6652,
      -33,
      -35,
      26,
      -37,
      -58
   ],
   "TxRefAmp": 270.041,
   "PhaseResolution": 1,
   "PhaseOversampling": 0.2,
   "ReceiveCoilName": "HeadNeck_64",
   "ReceiveCoilActiveElements": "HC1-7;NC1,2",
   "CoilString": "HC1-7;NC1_2",
   "PulseSequenceDetails": "%SiemensSeq%_tfl",
   "RefLinesPE": 31,
   "ConsistencyInfo": "N4_VE11C_LATEST_20160120",
   "PercentPhaseFOV": 100,
   "PhaseEncodingSteps": 307,
   "AcquisitionMatrixPE": 256,
   "ReconMatrixPE": 256,
   "PixelBandwidth": 260,
   "DwellTime": 7.5e-06,
   "ImageOrientationPatientDICOM": [
      -0.0344121,
      0.99937,
      -0.00872574,
      -0.0136258,
      -0.00919925,
      -0.999865
   ],
   "InPlanePhaseEncodingDirectionDICOM": "ROW",
   "ConversionSoftware": "dcm2niix",
   "ConversionSoftwareVersion": "v1.0.20190410  (JP2:OpenJPEG) (JP-LS:CharLS) GCC5.5.0"
}