{
   "Modality": "MR",
   "MagneticFieldStrength": 3,
   "ImagingFrequency": 123.235,
   "Manufacturer": "Siemens",
   "ManufacturersModelName": "Prisma_fit",
   "InstitutionName": "UMCBIR",
   "InstitutionalDepartmentName": "Department",
   "InstitutionAddress": "Wade_Avenue_55_City_Maryland_US_21228",
   "DeviceSerialNumber": "167003",
   "StationName": "MRC35455",
   "BodyPartExamined": "BRAIN",
   "PatientPosition": "HFS",
   "ProcedureStepDescription": "MPRC_Protocols_Bob_Buchanan",
   "SoftwareVersions": "syngo_MR_E11",
   "MRAcquisitionType": "2D",
   "SeriesDescription": "EPI_3x3x4xTR2-Resting-Eye_closed",
   "ProtocolName": "EPI_3x3x4xTR2-Resting-Eye_closed",
   "ScanningSequence": "EP",
   "SequenceVariant": "SK",
   "ScanOptions": "FS",
   "SequenceName": "_epfid2d1_64",
   "ImageType": [
      "ORIGINAL",
      "PRIMARY",
      "M",
      "ND",
      "MOSAIC"
   ],
   "SeriesNumber": 8,
   "AcquisitionTime": "10:40:40.485000",
   "AcquisitionNumber": 1,
   "SliceThickness": 4,
   "SpacingBetweenSlices": 4,
   "SAR": 0.0820466,
   "EchoTime": 0.03,
   "RepetitionTime": 2,
   "FlipAngle": 77,
   "PartialFourier": 1,
   "BaseResolution": 64,
   "ShimSetting": [
      -1003,
      -11502,
      11820,
      353,
      -72,
      35,
      -34,
      -6
   ],
   "TxRefAmp": 258.826,
   "PhaseResolution": 1,
   "ReceiveCoilName": "HeadNeck_64",
   "ReceiveCoilActiveElements": "HC1-7",
   "PulseSequenceDetails": "%SiemensSeq%_ep2d_bold",
   "RefLinesPE": 30,
   "ConsistencyInfo": "N4_VE11C_LATEST_20160120",
   "PercentPhaseFOV": 100,
   "EchoTrainLength": 31,
   "PhaseEncodingSteps": 63,
   "AcquisitionMatrixPE": 64,
   "ReconMatrixPE": 64,
   "BandwidthPerPixelPhaseEncode": 63.776,
   "ParallelReductionFactorInPlane": 2,
   "EffectiveEchoSpacing": 0.000244998,
   "DerivedVendorReportedEchoSpacing": 0.000489996,
   "TotalReadoutTime": 0.0154349,
   "PixelBandwidth": 2440,
   "DwellTime": 3.2e-06,
   "PhaseEncodingDirection": "j-",
   "SliceTiming": [
      0,
      1.015,
      0.0525,
      1.07,
      0.1075,
      1.1225,
      0.16,
      1.1775,
      0.2125,
      1.23,
      0.2675,
      1.285,
      0.32,
      1.3375,
      0.375,
      1.39,
      0.4275,
      1.445,
      0.48,
      1.4975,
      0.535,
      1.5525,
      0.5875,
      1.605,
      0.6425,
      1.6575,
      0.695,
      1.7125,
      0.7475,
      1.765,
      0.8025,
      1.82,
      0.855,
      1.8725,
      0.91,
      1.925,
      0.9625
   ],
   "ImageOrientationPatientDICOM": [
      0.999624,
      -0.0229252,
      -0.0150574,
      0.0204155,
      0.98852,
      -0.149706
   ],
   "InPlanePhaseEncodingDirectionDICOM": "COL",
   "ConversionSoftware": "dcm2niix",
   "ConversionSoftwareVersion": "v1.0.20190410  (JP2:OpenJPEG) (JP-LS:CharLS) GCC5.5.0"
}