{
   "Modality": "MR",
   "MagneticFieldStrength": 3,
   "ImagingFrequency": 123.243,
   "Manufacturer": "Siemens",
   "ManufacturersModelName": "Prisma",
   "InstitutionName": "University_of_Toronto",
   "InstitutionalDepartmentName": "Department",
   "InstitutionAddress": "Huron_325_TORONTO_ONTARIO_CA_M5S_3G3",
   "DeviceSerialNumber": "66108",
   "StationName": "AWP66108",
   "BodyPartExamined": "BRAIN",
   "PatientPosition": "HFS",
   "ProcedureStepDescription": "Voineskos_Colin",
   "SoftwareVersions": "syngo_MR_E11",
   "MRAcquisitionType": "2D",
   "SeriesDescription": "ep2d_diff_4scan_trace_p2_2mm",
   "ProtocolName": "ep2d_diff_4scan_trace_p2_2mm",
   "ScanningSequence": "EP",
   "SequenceVariant": "SK_SP",
   "ScanOptions": "FS",
   "SequenceName": "_ep_b0",
   "ImageType": [
      "ORIGINAL",
      "PRIMARY",
      "DIFFUSION",
      "NONE",
      "ND"
   ],
   "SeriesNumber": 10,
   "AcquisitionTime": "10:40:19.460000",
   "AcquisitionNumber": 1,
   "SliceThickness": 2,
   "SpacingBetweenSlices": 2,
   "SAR": 0.274753,
   "EchoTime": 0.085,
   "RepetitionTime": 8.8,
   "FlipAngle": 90,
   "PartialFourier": 1,
   "BaseResolution": 128,
   "ShimSetting": [
      -1046,
      -6966,
      -6402,
      72,
      -44,
      8,
      -92,
      -64
   ],
   "DiffusionScheme": "Bipolar",
   "TxRefAmp": 281.998,
   "PhaseResolution": 1,
   "ReceiveCoilName": "HeadNeck_64",
   "ReceiveCoilActiveElements": "HC1-7;NC1,2",
   "CoilString": "HC1-7;NC1_2",
   "PulseSequenceDetails": "%SiemensSeq%_ep2d_diff",
   "RefLinesPE": 32,
   "ConsistencyInfo": "N4_VE11C_LATEST_20160120",
   "PercentPhaseFOV": 100,
   "EchoTrainLength": 63,
   "PhaseEncodingSteps": 127,
   "AcquisitionMatrixPE": 128,
   "ReconMatrixPE": 128,
   "BandwidthPerPixelPhaseEncode": 27.902,
   "ParallelReductionFactorInPlane": 2,
   "EffectiveEchoSpacing": 0.000279998,
   "DerivedVendorReportedEchoSpacing": 0.000559996,
   "TotalReadoutTime": 0.0355597,
   "PixelBandwidth": 2300,
   "DwellTime": 1.7e-06,
   "PhaseEncodingDirection": "j-",
   "ImageOrientationPatientDICOM": [
      0.995594,
      -0.0548821,
      -0.0760362,
      0.0452096,
      0.991307,
      -0.123555
   ],
   "InPlanePhaseEncodingDirectionDICOM": "COL",
   "ConversionSoftware": "dcm2niix",
   "ConversionSoftwareVersion": "v1.0.20190410  (JP2:OpenJPEG) (JP-LS:CharLS) GCC5.5.0"
}