{
   "Modality": "MR",
   "MagneticFieldStrength": 3,
   "ImagingFrequency": 123.254,
   "Manufacturer": "Siemens",
   "ManufacturersModelName": "Prisma",
   "InstitutionalDepartmentName": "Department",
   "InstitutionAddress": "Community_Drive_300_Manhasset_NYC_US_11030",
   "DeviceSerialNumber": "66106",
   "StationName": "MHMRSIEM3T",
   "BodyPartExamined": "BRAIN",
   "PatientPosition": "HFS",
   "ProcedureStepDescription": "BRAIN_MRI",
   "SoftwareVersions": "syngo_MR_E11",
   "MRAcquisitionType": "2D",
   "SeriesDescription": "DTI_60Dir_5B0",
   "ProtocolName": "DTI_60Dir_5B0",
   "ScanningSequence": "EP",
   "SequenceVariant": "SK_SP",
   "ScanOptions": "FS",
   "SequenceName": "_ep_b0",
   "ImageType": [
      "ORIGINAL",
      "PRIMARY",
      "DIFFUSION",
      "NONE",
      "ND",
      "MOSAIC"
   ],
   "SeriesNumber": 11,
   "AcquisitionTime": "06:05:0.000000",
   "AcquisitionNumber": 1,
   "SliceThickness": 2,
   "SpacingBetweenSlices": 2,
   "SAR": 0.304739,
   "EchoTime": 0.085,
   "RepetitionTime": 8.8,
   "FlipAngle": 90,
   "PartialFourier": 1,
   "BaseResolution": 128,
   "ShimSetting": [
      -1313,
      -10802,
      574,
      418,
      -18,
      -10,
      -131,
      13
   ],
   "DiffusionScheme": "Bipolar",
   "TxRefAmp": 280.033,
   "PhaseResolution": 1,
   "ReceiveCoilName": "HeadNeck_64",
   "ReceiveCoilActiveElements": "HC1-7",
   "PulseSequenceDetails": "%SiemensSeq%_ep2d_diff",
   "RefLinesPE": 32,
   "ConsistencyInfo": "N4_VE11B_LATEST_20150530",
   "PercentPhaseFOV": 100,
   "EchoTrainLength": 63,
   "PhaseEncodingSteps": 127,
   "AcquisitionMatrixPE": 128,
   "ReconMatrixPE": 128,
   "BandwidthPerPixelPhaseEncode": 27.902,
   "ParallelReductionFactorInPlane": 2,
   "EffectiveEchoSpacing": 0.000279998,
   "DerivedVendorReportedEchoSpacing": 0.000559996,
   "TotalReadoutTime": 0.0355597,
   "PixelBandwidth": 2300,
   "DwellTime": 1.7e-06,
   "PhaseEncodingDirection": "j-",
   "SliceTiming": [
      4.39,
      0,
      4.51,
      0.12,
      4.6275,
      0.2375,
      4.7475,
      0.3575,
      4.865,
      0.475,
      4.985,
      0.595,
      5.1025,
      0.7125,
      5.22,
      0.8325,
      5.34,
      0.95,
      5.4575,
      1.07,
      5.5775,
      1.1875,
      5.695,
      1.305,
      5.815,
      1.425,
      5.9325,
      1.5425,
      6.0525,
      1.6625,
      6.17,
      1.78,
      6.29,
      1.9,
      6.4075,
      2.0175,
      6.525,
      2.1375,
      6.645,
      2.255,
      6.7625,
      2.375,
      6.8825,
      2.4925,
      7,
      2.61,
      7.12,
      2.73,
      7.2375,
      2.8475,
      7.3575,
      2.9675,
      7.475,
      3.085,
      7.595,
      3.205,
      7.7125,
      3.3225,
      7.8325,
      3.4425,
      7.95,
      3.56,
      8.0675,
      3.68,
      8.1875,
      3.7975,
      8.305,
      3.915,
      8.425,
      4.035,
      8.5425,
      4.1525,
      8.6625,
      4.2725
   ],
   "ImageOrientationPatientDICOM": [
      0.996557,
      -0.0460013,
      -0.0689781,
      0.0433363,
      0.998274,
      -0.0396467
   ],
   "InPlanePhaseEncodingDirectionDICOM": "COL",
   "ConversionSoftware": "dcm2niix",
   "ConversionSoftwareVersion": "v1.0.20190410  (JP2:OpenJPEG) (JP-LS:CharLS) GCC5.5.0"
}