{
   "Modality": "MR",
   "MagneticFieldStrength": 3,
   "ImagingFrequency": 127.757,
   "Manufacturer": "GE",
   "ManufacturersModelName": "DISCOVERY_MR750",
   "InstitutionName": "CAMH",
   "DeviceSerialNumber": "000000000000CAMH",
   "StationName": "MRMR",
   "PatientPosition": "HFS",
   "ProcedureStepDescription": "SPIN1MR",
   "SoftwareVersions": "23_LX_MR_Software_release:DV23.1_V02_1317.c",
   "MRAcquisitionType": "2D",
   "SeriesDescription": "Ax_DTI_60plus5",
   "ProtocolName": "Ax_DTI_60plus5",
   "ScanningSequence": "EP_SE",
   "SequenceVariant": "NONE",
   "ScanOptions": "SAT_GEMS_EPI_GEMS_ACC_GEMS_PFF_FS",
   "ImageType": [
      "ORIGINAL",
      "PRIMARY",
      "OTHER"
   ],
   "SeriesNumber": 17,
   "AcquisitionTime": "12:29:51.000000",
   "AcquisitionNumber": 1,
   "SliceThickness": 2,
   "SpacingBetweenSlices": 2,
   "SAR": 0.934761,
   "EchoTime": 0.0808,
   "RepetitionTime": 8.8,
   "FlipAngle": 90,
   "PhaseEncodingPolarityGE": "Flipped",
   "CoilString": "8HRBRAIN",
   "PercentPhaseFOV": 100,
   "AcquisitionMatrixPE": 128,
   "ReconMatrixPE": 128,
   "EffectiveEchoSpacing": 0.000684,
   "TotalReadoutTime": 0.086868,
   "PixelBandwidth": 3906.25,
   "PhaseEncodingDirection": "j",
   "ImageOrientationPatientDICOM": [
      1,
      0,
      0,
      0,
      1,
      0
   ],
   "InPlanePhaseEncodingDirectionDICOM": "COL",
   "ConversionSoftware": "dcm2niix",
   "ConversionSoftwareVersion": "v1.0.20190410  (JP2:OpenJPEG) (JP-LS:CharLS) GCC5.5.0"
}