{
   "Modality": "MR",
   "MagneticFieldStrength": 3,
   "ImagingFrequency": 123.259,
   "Manufacturer": "Siemens",
   "ManufacturersModelName": "TrioTim",
   "InstitutionName": "UMCBIR",
   "InstitutionalDepartmentName": "Department",
   "InstitutionAddress": "Wade_Avenue_55_250F90_Maryland_US_21228",
   "DeviceSerialNumber": "35455",
   "StationName": "MRC35455",
   "PatientPosition": "HFS",
   "ProcedureStepDescription": "MPRC_Protocols_Bob_Buchanan",
   "SoftwareVersions": "syngo_MR_B17",
   "MRAcquisitionType": "2D",
   "SeriesDescription": "DTI_60Dir_5B0",
   "ProtocolName": "DTI_60Dir_5B0",
   "ScanningSequence": "EP",
   "SequenceVariant": "SK_SP",
   "ScanOptions": "PFP_FS",
   "SequenceName": "_ep_b0",
   "ImageType": [
      "ORIGINAL",
      "PRIMARY",
      "DIFFUSION",
      "NONE",
      "ND",
      "MOSAIC"
   ],
   "SeriesNumber": 22,
   "AcquisitionTime": "12:12:43.755000",
   "AcquisitionNumber": 1,
   "SliceThickness": 2,
   "SpacingBetweenSlices": 2,
   "SAR": 0.66151,
   "EchoTime": 0.085,
   "RepetitionTime": 8.8,
   "FlipAngle": 90,
   "PartialFourier": 0.75,
   "BaseResolution": 128,
   "ShimSetting": [
      -2499,
      -28796,
      12165,
      855,
      395,
      512,
      376,
      -145
   ],
   "DiffusionScheme": "Monopolar",
   "TxRefAmp": 346.474,
   "PhaseResolution": 1,
   "ReceiveCoilName": "32Ch_Head",
   "CoilString": "C:HEA;HEP",
   "PulseSequenceDetails": "%SiemensSeq%_ep2d_diff",
   "RefLinesPE": 32,
   "PercentPhaseFOV": 100,
   "PhaseEncodingSteps": 96,
   "AcquisitionMatrixPE": 128,
   "ReconMatrixPE": 128,
   "BandwidthPerPixelPhaseEncode": 22.645,
   "ParallelReductionFactorInPlane": 2,
   "EffectiveEchoSpacing": 0.000344999,
   "DerivedVendorReportedEchoSpacing": 0.000689998,
   "TotalReadoutTime": 0.0438149,
   "PixelBandwidth": 2298,
   "DwellTime": 1.7e-06,
   "PhaseEncodingDirection": "j-",
   "SliceTiming": [
      4.415,
      0,
      4.55,
      0.1325,
      4.685,
      0.2675,
      4.8175,
      0.4,
      4.9525,
      0.535,
      5.085,
      0.6675,
      5.22,
      0.8025,
      5.3525,
      0.935,
      5.4875,
      1.07,
      5.62,
      1.2025,
      5.755,
      1.3375,
      5.8875,
      1.4725,
      6.0225,
      1.605,
      6.1575,
      1.74,
      6.29,
      1.8725,
      6.425,
      2.0075,
      6.5575,
      2.14,
      6.6925,
      2.275,
      6.825,
      2.4075,
      6.96,
      2.5425,
      7.0925,
      2.675,
      7.2275,
      2.81,
      7.36,
      2.945,
      7.495,
      3.0775,
      7.6275,
      3.2125,
      7.7625,
      3.345,
      7.8975,
      3.48,
      8.03,
      3.6125,
      8.165,
      3.7475,
      8.2975,
      3.88,
      8.4325,
      4.015,
      8.565,
      4.1475,
      8.7,
      4.2825
   ],
   "ImageOrientationPatientDICOM": [
      0.999962,
      0.00872651,
      0,
      -0.00872651,
      0.999962,
      0
   ],
   "InPlanePhaseEncodingDirectionDICOM": "COL",
   "ConversionSoftware": "dcm2niix",
   "ConversionSoftwareVersion": "v1.0.20190410  (JP2:OpenJPEG) (JP-LS:CharLS) GCC5.5.0"
}