{
   "Modality": "MR",
   "MagneticFieldStrength": 3,
   "ImagingFrequency": 123.254,
   "Manufacturer": "Siemens",
   "ManufacturersModelName": "Prisma",
   "InstitutionalDepartmentName": "Department",
   "InstitutionAddress": "Community_Drive_300_Manhasset_NYC_US_11030",
   "DeviceSerialNumber": "66106",
   "StationName": "MHMRSIEM3T",
   "BodyPartExamined": "BRAIN",
   "PatientPosition": "HFS",
   "ProcedureStepDescription": "BRAIN_MRI",
   "SoftwareVersions": "syngo_MR_E11",
   "MRAcquisitionType": "2D",
   "SeriesDescription": "DTI_60Dir_5B0",
   "ProtocolName": "DTI_60Dir_5B0",
   "ScanningSequence": "EP",
   "SequenceVariant": "SK_SP",
   "ScanOptions": "FS",
   "SequenceName": "_ep_b0",
   "ImageType": [
      "ORIGINAL",
      "PRIMARY",
      "DIFFUSION",
      "NONE",
      "ND",
      "MOSAIC"
   ],
   "SeriesNumber": 11,
   "AcquisitionTime": "06:05:0.000000",
   "AcquisitionNumber": 1,
   "SliceThickness": 2,
   "SpacingBetweenSlices": 2,
   "SAR": 0.251183,
   "EchoTime": 0.085,
   "RepetitionTime": 8.8,
   "FlipAngle": 90,
   "PartialFourier": 1,
   "BaseResolution": 128,
   "ShimSetting": [
      -1304,
      -10746,
      555,
      640,
      -123,
      -123,
      -60,
      34
   ],
   "DiffusionScheme": "Bipolar",
   "TxRefAmp": 262.105,
   "PhaseResolution": 1,
   "ReceiveCoilName": "HeadNeck_64",
   "ReceiveCoilActiveElements": "HC1-7",
   "PulseSequenceDetails": "%SiemensSeq%_ep2d_diff",
   "RefLinesPE": 32,
   "ConsistencyInfo": "N4_VE11B_LATEST_20150530",
   "PercentPhaseFOV": 100,
   "EchoTrainLength": 63,
   "PhaseEncodingSteps": 127,
   "AcquisitionMatrixPE": 128,
   "ReconMatrixPE": 128,
   "BandwidthPerPixelPhaseEncode": 27.902,
   "ParallelReductionFactorInPlane": 2,
   "EffectiveEchoSpacing": 0.000279998,
   "DerivedVendorReportedEchoSpacing": 0.000559996,
   "TotalReadoutTime": 0.0355597,
   "PixelBandwidth": 2300,
   "DwellTime": 1.7e-06,
   "PhaseEncodingDirection": "j-",
   "SliceTiming": [
      4.39,
      0,
      4.5225,
      0.1325,
      4.655,
      0.265,
      4.7875,
      0.3975,
      4.9225,
      0.5325,
      5.055,
      0.665,
      5.1875,
      0.7975,
      5.32,
      0.93,
      5.4525,
      1.0625,
      5.5875,
      1.1975,
      5.72,
      1.33,
      5.8525,
      1.4625,
      5.985,
      1.595,
      6.1175,
      1.7275,
      6.2525,
      1.8625,
      6.385,
      1.995,
      6.5175,
      2.1275,
      6.65,
      2.26,
      6.785,
      2.395,
      6.9175,
      2.5275,
      7.05,
      2.66,
      7.1825,
      2.7925,
      7.315,
      2.925,
      7.45,
      3.06,
      7.5825,
      3.1925,
      7.715,
      3.325,
      7.8475,
      3.4575,
      7.98,
      3.59,
      8.115,
      3.725,
      8.2475,
      3.8575,
      8.38,
      3.99,
      8.5125,
      4.1225,
      8.6475,
      4.2575
   ],
   "ImageOrientationPatientDICOM": [
      0.999869,
      -0.00650451,
      -0.0147904,
      0.00436273,
      0.990074,
      -0.140483
   ],
   "InPlanePhaseEncodingDirectionDICOM": "COL",
   "ConversionSoftware": "dcm2niix",
   "ConversionSoftwareVersion": "v1.0.20190410  (JP2:OpenJPEG) (JP-LS:CharLS) GCC5.5.0"
}