{
   "Modality": "MR",
   "MagneticFieldStrength": 3,
   "ImagingFrequency": 127.757,
   "Manufacturer": "GE",
   "ManufacturersModelName": "DISCOVERY_MR750",
   "InstitutionName": "CAMH",
   "DeviceSerialNumber": "000000000000CAMH",
   "StationName": "MRMR",
   "PatientPosition": "HFS",
   "ProcedureStepDescription": "SPIN1MR",
   "SoftwareVersions": "24_LX_MR_Software_release:DV24.0_R02_1607.b",
   "MRAcquisitionType": "3D",
   "SeriesDescription": "SagT1Bravo_09mm",
   "ProtocolName": "SagT1Bravo_09mm",
   "ScanningSequence": "GR",
   "SequenceVariant": "SS_SK",
   "ScanOptions": "FAST_GEMS_EDR_GEMS_ACC_GEMS",
   "ImageType": [
      "ORIGINAL",
      "PRIMARY",
      "OTHER"
   ],
   "SeriesNumber": 2,
   "AcquisitionTime": "18:36:14.000000",
   "AcquisitionNumber": 1,
   "SliceThickness": 0.9,
   "SpacingBetweenSlices": 0.9,
   "SAR": 0.193991,
   "EchoTime": 0.002996,
   "RepetitionTime": 0.006736,
   "InversionTime": 0.65,
   "FlipAngle": 8,
   "CoilString": "8HRBRAIN",
   "PercentPhaseFOV": 100,
   "AcquisitionMatrixPE": 256,
   "ReconMatrixPE": 256,
   "PixelBandwidth": 244.141,
   "ImageOrientationPatientDICOM": [
      0,
      1,
      0,
      0,
      0,
      -1
   ],
   "InPlanePhaseEncodingDirectionDICOM": "ROW",
   "ConversionSoftware": "dcm2niix",
   "ConversionSoftwareVersion": "v1.0.20190410  (JP2:OpenJPEG) (JP-LS:CharLS) GCC5.5.0"
}