{
   "Modality": "MR",
   "MagneticFieldStrength": 3,
   "ImagingFrequency": 123.258,
   "Manufacturer": "Siemens",
   "ManufacturersModelName": "TrioTim",
   "InstitutionName": "UMCBIR",
   "InstitutionalDepartmentName": "Department",
   "InstitutionAddress": "Wade_Avenue_55_48CA09_Maryland_US_21228",
   "DeviceSerialNumber": "35455",
   "StationName": "MRC35455",
   "PatientPosition": "HFS",
   "ProcedureStepDescription": "MPRC_Protocols_Bob_Buchanan",
   "SoftwareVersions": "syngo_MR_B17",
   "MRAcquisitionType": "2D",
   "SeriesDescription": "DTI_60Dir_5B0",
   "ProtocolName": "DTI_60Dir_5B0",
   "ScanningSequence": "EP",
   "SequenceVariant": "SK_SP",
   "ScanOptions": "PFP_FS",
   "SequenceName": "_ep_b0",
   "ImageType": [
      "ORIGINAL",
      "PRIMARY",
      "DIFFUSION",
      "NONE",
      "ND",
      "MOSAIC"
   ],
   "SeriesNumber": 5,
   "AcquisitionTime": "12:26:51.707500",
   "AcquisitionNumber": 1,
   "SliceThickness": 2,
   "SpacingBetweenSlices": 2,
   "SAR": 0.581581,
   "EchoTime": 0.085,
   "RepetitionTime": 8.8,
   "FlipAngle": 90,
   "PartialFourier": 0.75,
   "BaseResolution": 128,
   "ShimSetting": [
      -2529,
      -28770,
      12198,
      894,
      303,
      574,
      355,
      -138
   ],
   "DiffusionScheme": "Monopolar",
   "TxRefAmp": 322.451,
   "PhaseResolution": 1,
   "ReceiveCoilName": "32Ch_Head",
   "CoilString": "C:HEA;HEP",
   "PulseSequenceDetails": "%SiemensSeq%_ep2d_diff",
   "RefLinesPE": 32,
   "PercentPhaseFOV": 100,
   "PhaseEncodingSteps": 96,
   "AcquisitionMatrixPE": 128,
   "ReconMatrixPE": 128,
   "BandwidthPerPixelPhaseEncode": 22.645,
   "ParallelReductionFactorInPlane": 2,
   "EffectiveEchoSpacing": 0.000344999,
   "DerivedVendorReportedEchoSpacing": 0.000689998,
   "TotalReadoutTime": 0.0438149,
   "PixelBandwidth": 2298,
   "DwellTime": 1.7e-06,
   "PhaseEncodingDirection": "j-",
   "SliceTiming": [
      4.4175,
      0,
      4.55,
      0.135,
      4.685,
      0.2675,
      4.8175,
      0.4025,
      4.9525,
      0.535,
      5.0875,
      0.67,
      5.22,
      0.8025,
      5.355,
      0.9375,
      5.4875,
      1.07,
      5.6225,
      1.205,
      5.755,
      1.3375,
      5.89,
      1.4725,
      6.0225,
      1.605,
      6.1575,
      1.74,
      6.29,
      1.875,
      6.425,
      2.0075,
      6.56,
      2.1425,
      6.6925,
      2.275,
      6.8275,
      2.41,
      6.96,
      2.5425,
      7.095,
      2.6775,
      7.2275,
      2.81,
      7.3625,
      2.945,
      7.495,
      3.0775,
      7.63,
      3.2125,
      7.7625,
      3.3475,
      7.8975,
      3.48,
      8.0325,
      3.615,
      8.165,
      3.7475,
      8.3,
      3.8825,
      8.4325,
      4.015,
      8.5675,
      4.15,
      8.7,
      4.2825
   ],
   "ImageOrientationPatientDICOM": [
      1,
      0,
      0,
      0,
      0.999962,
      -0.00872654
   ],
   "InPlanePhaseEncodingDirectionDICOM": "COL",
   "ConversionSoftware": "dcm2niix",
   "ConversionSoftwareVersion": "v1.0.20190410  (JP2:OpenJPEG) (JP-LS:CharLS) GCC5.5.0"
}