{
   "Modality": "MR",
   "MagneticFieldStrength": 3,
   "ImagingFrequency": 127.763,
   "Manufacturer": "GE",
   "ManufacturersModelName": "Signa_HDxt",
   "DeviceSerialNumber": "000000000000GEHC",
   "StationName": "MHMRMR3T",
   "PatientPosition": "HFS",
   "ProcedureStepDescription": "BRAIN_MRI",
   "SoftwareVersions": "24_LX_MR_Software_release:HD16.0_V02_1131.a",
   "MRAcquisitionType": "2D",
   "SeriesDescription": "Resting_State_212",
   "ProtocolName": "Resting_State_212",
   "ScanningSequence": "EP_GR",
   "SequenceVariant": "SS",
   "ScanOptions": "MP_GEMS_EPI_GEMS_ACC_GEMS_PFF",
   "ImageType": [
      "ORIGINAL",
      "PRIMARY",
      "OTHER"
   ],
   "SeriesNumber": 7,
   "AcquisitionTime": "06:05:0.000000",
   "AcquisitionNumber": 1,
   "TriggerDelayTime": 423950,
   "SliceThickness": 4,
   "SpacingBetweenSlices": 4,
   "SAR": 0.310418,
   "EchoTime": 0.03,
   "RepetitionTime": 2,
   "FlipAngle": 77,
   "PhaseEncodingPolarityGE": "Unflipped",
   "CoilString": "8HRBRAIN",
   "PercentPhaseFOV": 100,
   "AcquisitionMatrixPE": 64,
   "ReconMatrixPE": 64,
   "EffectiveEchoSpacing": 0.000664,
   "TotalReadoutTime": 0.041832,
   "PixelBandwidth": 7812.5,
   "PhaseEncodingDirection": "j-",
   "SliceTiming": [
      0,
      1,
      0.05,
      1.05,
      0.1,
      1.1,
      0.15,
      1.15,
      0.2,
      1.2,
      0.25,
      1.25,
      0.3,
      1.3,
      0.35,
      1.35,
      0.4,
      1.4,
      0.45,
      1.45,
      0.5,
      1.5,
      0.55,
      1.55,
      0.6,
      1.6,
      0.65,
      1.65,
      0.7,
      1.7,
      0.75,
      1.75,
      0.8,
      1.8,
      0.85,
      1.85,
      0.9,
      1.9,
      0.95,
      1.95
   ],
   "ImageOrientationPatientDICOM": [
      1,
      0,
      0,
      0,
      0.940092,
      -0.340922
   ],
   "InPlanePhaseEncodingDirectionDICOM": "COL",
   "ConversionSoftware": "dcm2niix",
   "ConversionSoftwareVersion": "v1.0.20190410  (JP2:OpenJPEG) (JP-LS:CharLS) GCC5.5.0"
}