{
   "Modality": "MR",
   "MagneticFieldStrength": 3,
   "ImagingFrequency": 123.259,
   "Manufacturer": "Siemens",
   "ManufacturersModelName": "TrioTim",
   "InstitutionName": "UMCBIR",
   "InstitutionalDepartmentName": "Department",
   "InstitutionAddress": "Wade_Avenue_55_250F90_Maryland_US_21228",
   "DeviceSerialNumber": "35455",
   "StationName": "MRC35455",
   "PatientPosition": "HFS",
   "ProcedureStepDescription": "MPRC_Protocols_Bob_Buchanan",
   "SoftwareVersions": "syngo_MR_B17",
   "MRAcquisitionType": "2D",
   "SeriesDescription": "EPI_3x3x4xTR2-Resting-Eye_closed",
   "ProtocolName": "EPI_3x3x4xTR2-Resting-Eye_closed",
   "ScanningSequence": "EP",
   "SequenceVariant": "SK",
   "ScanOptions": "FS",
   "SequenceName": "_epfid2d1_64",
   "ImageType": [
      "ORIGINAL",
      "PRIMARY",
      "M",
      "ND",
      "MOSAIC"
   ],
   "SeriesNumber": 5,
   "AcquisitionTime": "15:19:26.420000",
   "AcquisitionNumber": 1,
   "SliceThickness": 4,
   "SpacingBetweenSlices": 4,
   "SAR": 0.183396,
   "EchoTime": 0.03,
   "RepetitionTime": 2.02,
   "FlipAngle": 77,
   "PartialFourier": 1,
   "BaseResolution": 64,
   "ShimSetting": [
      -2502,
      -28810,
      12096,
      683,
      401,
      -9,
      381,
      -88
   ],
   "TxRefAmp": 350.699,
   "PhaseResolution": 1,
   "ReceiveCoilName": "32Ch_Head",
   "CoilString": "C:HEA;HEP",
   "PulseSequenceDetails": "%SiemensSeq%_ep2d_bold",
   "RefLinesPE": 32,
   "PercentPhaseFOV": 100,
   "PhaseEncodingSteps": 61,
   "AcquisitionMatrixPE": 64,
   "ReconMatrixPE": 64,
   "BandwidthPerPixelPhaseEncode": 89.286,
   "ParallelReductionFactorInPlane": 4,
   "EffectiveEchoSpacing": 0.000174999,
   "DerivedVendorReportedEchoSpacing": 0.000699998,
   "TotalReadoutTime": 0.011025,
   "PixelBandwidth": 1736,
   "DwellTime": 4.5e-06,
   "PhaseEncodingDirection": "j-",
   "SliceTiming": [
      1.015,
      0,
      1.065,
      0.05,
      1.115,
      0.1025,
      1.165,
      0.1525,
      1.2175,
      0.2025,
      1.2675,
      0.2525,
      1.3175,
      0.305,
      1.37,
      0.355,
      1.42,
      0.405,
      1.47,
      0.4575,
      1.52,
      0.5075,
      1.5725,
      0.5575,
      1.6225,
      0.6075,
      1.6725,
      0.66,
      1.7225,
      0.71,
      1.775,
      0.76,
      1.825,
      0.81,
      1.875,
      0.8625,
      1.9275,
      0.9125,
      1.9775,
      0.9625
   ],
   "ImageOrientationPatientDICOM": [
      1,
      0,
      0,
      0,
      1,
      0
   ],
   "InPlanePhaseEncodingDirectionDICOM": "COL",
   "ConversionSoftware": "dcm2niix",
   "ConversionSoftwareVersion": "v1.0.20190410  (JP2:OpenJPEG) (JP-LS:CharLS) GCC5.5.0"
}