{
   "Modality": "MR",
   "MagneticFieldStrength": 3,
   "ImagingFrequency": 123.258,
   "Manufacturer": "Siemens",
   "ManufacturersModelName": "TrioTim",
   "InstitutionName": "UMCBIR",
   "InstitutionalDepartmentName": "Department",
   "InstitutionAddress": "Wade_Avenue_55_48CA09_Maryland_US_21228",
   "DeviceSerialNumber": "35455",
   "StationName": "MRC35455",
   "PatientPosition": "HFS",
   "ProcedureStepDescription": "MPRC_Protocols_Bob_Buchanan",
   "SoftwareVersions": "syngo_MR_B17",
   "MRAcquisitionType": "2D",
   "SeriesDescription": "EPI_3x3x4xTR2-Resting-Eye_closed",
   "ProtocolName": "EPI_3x3x4xTR2-Resting-Eye_closed",
   "ScanningSequence": "EP",
   "SequenceVariant": "SK",
   "ScanOptions": "FS",
   "SequenceName": "_epfid2d1_64",
   "ImageType": [
      "ORIGINAL",
      "PRIMARY",
      "M",
      "ND",
      "MOSAIC"
   ],
   "SeriesNumber": 5,
   "AcquisitionTime": "10:43:6.247500",
   "AcquisitionNumber": 1,
   "SliceThickness": 4,
   "SpacingBetweenSlices": 4,
   "SAR": 0.253076,
   "EchoTime": 0.03,
   "RepetitionTime": 2,
   "FlipAngle": 77,
   "PartialFourier": 1,
   "BaseResolution": 64,
   "ShimSetting": [
      -2502,
      -28829,
      12167,
      743,
      442,
      295,
      218,
      -138
   ],
   "TxRefAmp": 340.887,
   "PhaseResolution": 1,
   "ReceiveCoilName": "32Ch_Head",
   "CoilString": "C:HEA;HEP",
   "PulseSequenceDetails": "%SiemensSeq%_ep2d_bold",
   "RefLinesPE": 30,
   "PercentPhaseFOV": 100,
   "PhaseEncodingSteps": 63,
   "AcquisitionMatrixPE": 64,
   "ReconMatrixPE": 64,
   "BandwidthPerPixelPhaseEncode": 54.825,
   "ParallelReductionFactorInPlane": 2,
   "EffectiveEchoSpacing": 0.000284998,
   "DerivedVendorReportedEchoSpacing": 0.000569995,
   "TotalReadoutTime": 0.0179549,
   "PixelBandwidth": 2056,
   "DwellTime": 3.8e-06,
   "PhaseEncodingDirection": "j-",
   "SliceTiming": [
      0,
      1.03,
      0.0525,
      1.085,
      0.1075,
      1.14,
      0.1625,
      1.1925,
      0.2175,
      1.2475,
      0.27,
      1.3025,
      0.325,
      1.355,
      0.38,
      1.41,
      0.4325,
      1.465,
      0.4875,
      1.5175,
      0.5425,
      1.5725,
      0.595,
      1.6275,
      0.65,
      1.6825,
      0.705,
      1.735,
      0.76,
      1.79,
      0.8125,
      1.845,
      0.8675,
      1.8975,
      0.9225,
      1.9525,
      0.975
   ],
   "ImageOrientationPatientDICOM": [
      1,
      0,
      0,
      0,
      0.993961,
      -0.109734
   ],
   "InPlanePhaseEncodingDirectionDICOM": "COL",
   "ConversionSoftware": "dcm2niix",
   "ConversionSoftwareVersion": "v1.0.20190410  (JP2:OpenJPEG) (JP-LS:CharLS) GCC5.5.0"
}