{
   "Modality": "MR",
   "MagneticFieldStrength": 3,
   "ImagingFrequency": 123.243,
   "Manufacturer": "Siemens",
   "ManufacturersModelName": "Prisma",
   "InstitutionName": "University_of_Toronto",
   "InstitutionalDepartmentName": "Department",
   "InstitutionAddress": "Huron_325_TORONTO_ONTARIO_CA_M5S_3G3",
   "DeviceSerialNumber": "66108",
   "StationName": "AWP66108",
   "BodyPartExamined": "BRAIN",
   "PatientPosition": "HFS",
   "ProcedureStepDescription": "Voineskos_Colin",
   "SoftwareVersions": "syngo_MR_E11",
   "MRAcquisitionType": "2D",
   "SeriesDescription": "EPI_3x3x4xTR2-Resting_EyeClosed",
   "ProtocolName": "EPI_3x3x4xTR2-Resting_EyeClosed",
   "ScanningSequence": "EP",
   "SequenceVariant": "SK",
   "ScanOptions": "FS",
   "SequenceName": "_epfid2d1_64",
   "ImageType": [
      "ORIGINAL",
      "PRIMARY",
      "M",
      "ND",
      "MOSAIC"
   ],
   "SeriesNumber": 6,
   "AcquisitionTime": "09:48:4.330000",
   "AcquisitionNumber": 1,
   "SliceThickness": 4,
   "SpacingBetweenSlices": 4,
   "SAR": 0.106104,
   "EchoTime": 0.03,
   "RepetitionTime": 2,
   "FlipAngle": 77,
   "PartialFourier": 1,
   "BaseResolution": 64,
   "ShimSetting": [
      -1044,
      -6898,
      -6360,
      298,
      -105,
      58,
      -146,
      -47
   ],
   "TxRefAmp": 275.601,
   "PhaseResolution": 1,
   "ReceiveCoilName": "HeadNeck_64",
   "ReceiveCoilActiveElements": "HC1-7;NC1,2",
   "CoilString": "HC1-7;NC1_2",
   "PulseSequenceDetails": "%SiemensSeq%_ep2d_bold",
   "RefLinesPE": 30,
   "ConsistencyInfo": "N4_VE11C_LATEST_20160120",
   "PercentPhaseFOV": 100,
   "EchoTrainLength": 31,
   "PhaseEncodingSteps": 63,
   "AcquisitionMatrixPE": 64,
   "ReconMatrixPE": 64,
   "BandwidthPerPixelPhaseEncode": 63.776,
   "ParallelReductionFactorInPlane": 2,
   "EffectiveEchoSpacing": 0.000244998,
   "DerivedVendorReportedEchoSpacing": 0.000489996,
   "TotalReadoutTime": 0.0154349,
   "PixelBandwidth": 2440,
   "DwellTime": 3.2e-06,
   "PhaseEncodingDirection": "j-",
   "SliceTiming": [
      0,
      1.015,
      0.0525,
      1.07,
      0.1075,
      1.1225,
      0.16,
      1.1775,
      0.2125,
      1.23,
      0.2675,
      1.2825,
      0.32,
      1.3375,
      0.375,
      1.39,
      0.4275,
      1.445,
      0.48,
      1.4975,
      0.535,
      1.5525,
      0.5875,
      1.605,
      0.6425,
      1.6575,
      0.695,
      1.7125,
      0.7475,
      1.765,
      0.8025,
      1.82,
      0.855,
      1.8725,
      0.91,
      1.925,
      0.9625
   ],
   "ImageOrientationPatientDICOM": [
      0.998794,
      0.0489022,
      -0.00444149,
      -0.0471019,
      0.928593,
      -0.368098
   ],
   "InPlanePhaseEncodingDirectionDICOM": "COL",
   "ConversionSoftware": "dcm2niix",
   "ConversionSoftwareVersion": "v1.0.20190410  (JP2:OpenJPEG) (JP-LS:CharLS) GCC5.5.0"
}