{
   "Modality": "MR",
   "MagneticFieldStrength": 3,
   "ImagingFrequency": 123.259,
   "Manufacturer": "Siemens",
   "ManufacturersModelName": "TrioTim",
   "InstitutionName": "UMCBIR",
   "InstitutionalDepartmentName": "Department",
   "InstitutionAddress": "Wade_Avenue_55_48CA09_Maryland_US_21228",
   "DeviceSerialNumber": "35455",
   "StationName": "MRC35455",
   "PatientPosition": "HFS",
   "ProcedureStepDescription": "MPRC_Protocols_Bob_Buchanan",
   "SoftwareVersions": "syngo_MR_B17",
   "MRAcquisitionType": "3D",
   "SeriesDescription": "MPRAGE_TI-900_Buchanan",
   "ProtocolName": "MPRAGE_TI-900_Buchanan",
   "ScanningSequence": "GR_IR",
   "SequenceVariant": "SP_MP",
   "ScanOptions": "IR",
   "SequenceName": "_tfl3d1_ns",
   "ImageType": [
      "ORIGINAL",
      "PRIMARY",
      "M",
      "ND"
   ],
   "SeriesNumber": 3,
   "AcquisitionTime": "10:31:12.747500",
   "AcquisitionNumber": 1,
   "SliceThickness": 0.9,
   "SAR": 0.179779,
   "EchoTime": 0.00285,
   "RepetitionTime": 2.3,
   "InversionTime": 0.9,
   "FlipAngle": 9,
   "PartialFourier": 1,
   "BaseResolution": 256,
   "ShimSetting": [
      -2506,
      -28924,
      11636,
      74,
      524,
      -197,
      -13,
      -122
   ],
   "TxRefAmp": 340.887,
   "PhaseResolution": 1,
   "ReceiveCoilName": "32Ch_Head",
   "CoilString": "C:HEA;HEP",
   "PulseSequenceDetails": "%SiemensSeq%_tfl",
   "RefLinesPE": 31,
   "PercentPhaseFOV": 100,
   "PhaseEncodingSteps": 255,
   "AcquisitionMatrixPE": 256,
   "ReconMatrixPE": 256,
   "PixelBandwidth": 260,
   "DwellTime": 7.5e-06,
   "ImageOrientationPatientDICOM": [
      -0.00696967,
      0.998317,
      -0.057564,
      0.000401837,
      -0.0575626,
      -0.998342
   ],
   "InPlanePhaseEncodingDirectionDICOM": "ROW",
   "ConversionSoftware": "dcm2niix",
   "ConversionSoftwareVersion": "v1.0.20190410  (JP2:OpenJPEG) (JP-LS:CharLS) GCC5.5.0"
}