{
   "Modality": "MR",
   "MagneticFieldStrength": 3,
   "ImagingFrequency": 123.235,
   "Manufacturer": "Siemens",
   "ManufacturersModelName": "Prisma_fit",
   "InstitutionName": "UMCBIR",
   "InstitutionalDepartmentName": "Department",
   "InstitutionAddress": "Wade_Avenue_55_City_Maryland_US_21228",
   "DeviceSerialNumber": "167003",
   "StationName": "MRC35455",
   "BodyPartExamined": "BRAIN",
   "PatientPosition": "HFS",
   "ProcedureStepDescription": "MPRC_Protocols_Bob_Buchanan",
   "SoftwareVersions": "syngo_MR_E11",
   "MRAcquisitionType": "2D",
   "SeriesDescription": "DTI_60Dir_5B0",
   "ProtocolName": "DTI_60Dir_5B0",
   "ScanningSequence": "EP",
   "SequenceVariant": "SK_SP",
   "ScanOptions": "FS",
   "SequenceName": "_ep_b0",
   "ImageType": [
      "ORIGINAL",
      "PRIMARY",
      "DIFFUSION",
      "NONE",
      "ND"
   ],
   "SeriesNumber": 14,
   "AcquisitionTime": "10:57:37.935000",
   "AcquisitionNumber": 1,
   "SliceThickness": 2,
   "SpacingBetweenSlices": 2,
   "SAR": 0.250008,
   "EchoTime": 0.085,
   "RepetitionTime": 8.8,
   "FlipAngle": 90,
   "PartialFourier": 1,
   "BaseResolution": 128,
   "ShimSetting": [
      -1001,
      -11488,
      11828,
      351,
      -68,
      172,
      -40,
      -1
   ],
   "DiffusionScheme": "Bipolar",
   "TxRefAmp": 258.826,
   "PhaseResolution": 1,
   "ReceiveCoilName": "HeadNeck_64",
   "ReceiveCoilActiveElements": "HC1-7",
   "PulseSequenceDetails": "%SiemensSeq%_ep2d_diff",
   "RefLinesPE": 32,
   "ConsistencyInfo": "N4_VE11C_LATEST_20160120",
   "PercentPhaseFOV": 100,
   "EchoTrainLength": 63,
   "PhaseEncodingSteps": 127,
   "AcquisitionMatrixPE": 128,
   "ReconMatrixPE": 128,
   "BandwidthPerPixelPhaseEncode": 30.048,
   "ParallelReductionFactorInPlane": 2,
   "EffectiveEchoSpacing": 0.000260001,
   "DerivedVendorReportedEchoSpacing": 0.000520001,
   "TotalReadoutTime": 0.0330201,
   "PixelBandwidth": 2300,
   "DwellTime": 1.7e-06,
   "PhaseEncodingDirection": "j-",
   "ImageOrientationPatientDICOM": [
      0.99962,
      -0.0230977,
      -0.0150313,
      0.02059,
      0.988516,
      -0.149709
   ],
   "InPlanePhaseEncodingDirectionDICOM": "COL",
   "ConversionSoftware": "dcm2niix",
   "ConversionSoftwareVersion": "v1.0.20190410  (JP2:OpenJPEG) (JP-LS:CharLS) GCC5.5.0"
}