{
   "Modality": "MR",
   "MagneticFieldStrength": 3,
   "ImagingFrequency": 127.763,
   "Manufacturer": "GE",
   "ManufacturersModelName": "Signa_HDxt",
   "DeviceSerialNumber": "000000000000GEHC",
   "StationName": "MHMRMR3T",
   "PatientPosition": "HFS",
   "ProcedureStepDescription": "BRAIN_MRI",
   "SoftwareVersions": "24_LX_MR_Software_release:HD16.0_V02_1131.a",
   "MRAcquisitionType": "3D",
   "SeriesDescription": "SAGITTAL_IR-FSPGR",
   "ProtocolName": "SAGITTAL_IR-FSPGR",
   "ScanningSequence": "GR",
   "SequenceVariant": "SS_SP_SK",
   "ScanOptions": "FAST_GEMS_EDR_GEMS_ACC_GEMS",
   "ImageType": [
      "ORIGINAL",
      "PRIMARY",
      "OTHER"
   ],
   "SeriesNumber": 3,
   "AcquisitionTime": "06:05:0.000000",
   "AcquisitionNumber": 1,
   "SliceThickness": 0.9,
   "SpacingBetweenSlices": 0.9,
   "SAR": 0.208565,
   "EchoTime": 0.002788,
   "RepetitionTime": 0.006364,
   "InversionTime": 0.65,
   "FlipAngle": 8,
   "CoilString": "8HRBRAIN",
   "PercentPhaseFOV": 100,
   "AcquisitionMatrixPE": 256,
   "ReconMatrixPE": 256,
   "PixelBandwidth": 244.141,
   "ImageOrientationPatientDICOM": [
      0,
      1,
      0,
      0,
      0,
      -1
   ],
   "InPlanePhaseEncodingDirectionDICOM": "ROW",
   "ConversionSoftware": "dcm2niix",
   "ConversionSoftwareVersion": "v1.0.20190410  (JP2:OpenJPEG) (JP-LS:CharLS) GCC5.5.0"
}