{
   "Modality": "MR",
   "MagneticFieldStrength": 3,
   "ImagingFrequency": 123.235,
   "Manufacturer": "Siemens",
   "ManufacturersModelName": "Prisma_fit",
   "InstitutionName": "UMCBIR",
   "InstitutionalDepartmentName": "Department",
   "InstitutionAddress": "Wade_Avenue_55_City_Maryland_US_21228",
   "DeviceSerialNumber": "167003",
   "StationName": "MRC35455",
   "BodyPartExamined": "BRAIN",
   "PatientPosition": "HFS",
   "ProcedureStepDescription": "MPRC_Protocols_Bob_Buchanan",
   "SoftwareVersions": "syngo_MR_E11",
   "MRAcquisitionType": "2D",
   "SeriesDescription": "EPI_3x3x4xTR2-Resting-Eye_closed",
   "ProtocolName": "EPI_3x3x4xTR2-Resting-Eye_closed",
   "ScanningSequence": "EP",
   "SequenceVariant": "SK",
   "ScanOptions": "FS",
   "SequenceName": "_epfid2d1_64",
   "ImageType": [
      "ORIGINAL",
      "PRIMARY",
      "M",
      "ND",
      "MOSAIC"
   ],
   "SeriesNumber": 8,
   "AcquisitionTime": "08:52:8.480000",
   "AcquisitionNumber": 1,
   "SliceThickness": 4,
   "SpacingBetweenSlices": 4,
   "SAR": 0.105868,
   "EchoTime": 0.03,
   "RepetitionTime": 2,
   "FlipAngle": 77,
   "PartialFourier": 1,
   "BaseResolution": 64,
   "ShimSetting": [
      -997,
      -11512,
      11812,
      320,
      -28,
      43,
      -105,
      -33
   ],
   "TxRefAmp": 267.882,
   "PhaseResolution": 1,
   "ReceiveCoilName": "HeadNeck_64",
   "ReceiveCoilActiveElements": "HC1-7",
   "PulseSequenceDetails": "%SiemensSeq%_ep2d_bold",
   "RefLinesPE": 30,
   "ConsistencyInfo": "N4_VE11C_LATEST_20160120",
   "PercentPhaseFOV": 100,
   "EchoTrainLength": 31,
   "PhaseEncodingSteps": 63,
   "AcquisitionMatrixPE": 64,
   "ReconMatrixPE": 64,
   "BandwidthPerPixelPhaseEncode": 63.776,
   "ParallelReductionFactorInPlane": 2,
   "EffectiveEchoSpacing": 0.000244998,
   "DerivedVendorReportedEchoSpacing": 0.000489996,
   "TotalReadoutTime": 0.0154349,
   "PixelBandwidth": 2440,
   "DwellTime": 3.2e-06,
   "PhaseEncodingDirection": "j-",
   "SliceTiming": [
      0,
      1.0175,
      0.055,
      1.0725,
      0.1075,
      1.125,
      0.1625,
      1.1775,
      0.215,
      1.2325,
      0.2675,
      1.285,
      0.3225,
      1.34,
      0.375,
      1.3925,
      0.43,
      1.445,
      0.4825,
      1.5,
      0.5375,
      1.5525,
      0.59,
      1.6075,
      0.6425,
      1.66,
      0.6975,
      1.7125,
      0.75,
      1.7675,
      0.805,
      1.82,
      0.8575,
      1.875,
      0.91,
      1.9275,
      0.965
   ],
   "ImageOrientationPatientDICOM": [
      0.999987,
      0.00134047,
      0.00490613,
      -0.000349055,
      0.980456,
      -0.196738
   ],
   "InPlanePhaseEncodingDirectionDICOM": "COL",
   "ConversionSoftware": "dcm2niix",
   "ConversionSoftwareVersion": "v1.0.20190410  (JP2:OpenJPEG) (JP-LS:CharLS) GCC5.5.0"
}