{
   "Modality": "MR",
   "MagneticFieldStrength": 3,
   "ImagingFrequency": 123.243,
   "Manufacturer": "Siemens",
   "ManufacturersModelName": "Prisma",
   "InstitutionName": "University_of_Toronto",
   "InstitutionalDepartmentName": "Department",
   "InstitutionAddress": "Huron_325_TORONTO_ONTARIO_CA_M5S_3G3",
   "DeviceSerialNumber": "66108",
   "StationName": "AWP66108",
   "BodyPartExamined": "BRAIN",
   "PatientPosition": "HFS",
   "ProcedureStepDescription": "Voineskos_Colin",
   "SoftwareVersions": "syngo_MR_E11",
   "MRAcquisitionType": "2D",
   "SeriesDescription": "EPI_3x3x4xTR2-Resting_EyeClosed",
   "ProtocolName": "EPI_3x3x4xTR2-Resting_EyeClosed",
   "ScanningSequence": "EP",
   "SequenceVariant": "SK",
   "ScanOptions": "FS",
   "SequenceName": "_epfid2d1_64",
   "ImageType": [
      "ORIGINAL",
      "PRIMARY",
      "M",
      "ND",
      "MOSAIC"
   ],
   "SeriesNumber": 7,
   "AcquisitionTime": "10:27:15.227500",
   "AcquisitionNumber": 1,
   "SliceThickness": 4,
   "SpacingBetweenSlices": 4,
   "SAR": 0.0901674,
   "EchoTime": 0.03,
   "RepetitionTime": 2,
   "FlipAngle": 77,
   "PartialFourier": 1,
   "BaseResolution": 64,
   "ShimSetting": [
      -1051,
      -6962,
      -6399,
      112,
      47,
      -11,
      -93,
      -7
   ],
   "TxRefAmp": 281.998,
   "PhaseResolution": 1,
   "ReceiveCoilName": "HeadNeck_64",
   "ReceiveCoilActiveElements": "HC1-7;NC1,2",
   "CoilString": "HC1-7;NC1_2",
   "PulseSequenceDetails": "%SiemensSeq%_ep2d_bold",
   "RefLinesPE": 30,
   "ConsistencyInfo": "N4_VE11C_LATEST_20160120",
   "PercentPhaseFOV": 100,
   "EchoTrainLength": 31,
   "PhaseEncodingSteps": 63,
   "AcquisitionMatrixPE": 64,
   "ReconMatrixPE": 64,
   "BandwidthPerPixelPhaseEncode": 63.776,
   "ParallelReductionFactorInPlane": 2,
   "EffectiveEchoSpacing": 0.000244998,
   "DerivedVendorReportedEchoSpacing": 0.000489996,
   "TotalReadoutTime": 0.0154349,
   "PixelBandwidth": 2440,
   "DwellTime": 3.2e-06,
   "PhaseEncodingDirection": "j-",
   "SliceTiming": [
      0,
      1.0175,
      0.055,
      1.07,
      0.1075,
      1.125,
      0.1625,
      1.1775,
      0.215,
      1.2325,
      0.2675,
      1.285,
      0.3225,
      1.3375,
      0.375,
      1.3925,
      0.43,
      1.445,
      0.4825,
      1.5,
      0.535,
      1.5525,
      0.59,
      1.605,
      0.6425,
      1.66,
      0.6975,
      1.7125,
      0.75,
      1.7675,
      0.8025,
      1.82,
      0.8575,
      1.875,
      0.91,
      1.9275,
      0.965
   ],
   "ImageOrientationPatientDICOM": [
      0.99614,
      -0.0540793,
      -0.0691424,
      0.0452344,
      0.991296,
      -0.12364
   ],
   "InPlanePhaseEncodingDirectionDICOM": "COL",
   "ConversionSoftware": "dcm2niix",
   "ConversionSoftwareVersion": "v1.0.20190410  (JP2:OpenJPEG) (JP-LS:CharLS) GCC5.5.0"
}