{
   "Modality": "MR",
   "MagneticFieldStrength": 3,
   "ImagingFrequency": 123.255,
   "Manufacturer": "Siemens",
   "ManufacturersModelName": "Prisma",
   "InstitutionalDepartmentName": "Department",
   "InstitutionAddress": "Community_Drive_300_Manhasset_NYC_US_11030",
   "DeviceSerialNumber": "66106",
   "StationName": "MHMRSIEM3T",
   "BodyPartExamined": "BRAIN",
   "PatientPosition": "HFS",
   "ProcedureStepDescription": "BRAIN_MRI",
   "SoftwareVersions": "syngo_MR_E11",
   "MRAcquisitionType": "3D",
   "SeriesDescription": "MPRAGE_TI_900",
   "ProtocolName": "MPRAGE_TI_900",
   "ScanningSequence": "GR_IR",
   "SequenceVariant": "SK_SP_MP",
   "ScanOptions": "IR",
   "SequenceName": "_tfl3d1_16ns",
   "ImageType": [
      "ORIGINAL",
      "PRIMARY",
      "M",
      "ND"
   ],
   "SeriesNumber": 5,
   "AcquisitionTime": "06:05:0.000000",
   "AcquisitionNumber": 1,
   "SliceThickness": 0.9,
   "SAR": 0.0629829,
   "EchoTime": 0.00279,
   "RepetitionTime": 2.3,
   "InversionTime": 0.9,
   "FlipAngle": 9,
   "PartialFourier": 1,
   "BaseResolution": 256,
   "ShimSetting": [
      -1300,
      -10821,
      321,
      168,
      -43,
      10,
      -40,
      -18
   ],
   "TxRefAmp": 280.033,
   "PhaseResolution": 1,
   "ReceiveCoilName": "HeadNeck_64",
   "ReceiveCoilActiveElements": "HC1-7",
   "PulseSequenceDetails": "%SiemensSeq%_tfl",
   "RefLinesPE": 31,
   "ConsistencyInfo": "N4_VE11B_LATEST_20150530",
   "PercentPhaseFOV": 100,
   "PhaseEncodingSteps": 255,
   "AcquisitionMatrixPE": 256,
   "ReconMatrixPE": 256,
   "PixelBandwidth": 260,
   "DwellTime": 7.5e-06,
   "ImageOrientationPatientDICOM": [
      0.0567024,
      0.985147,
      0.162078,
      -0.0604959,
      0.165431,
      -0.984364
   ],
   "InPlanePhaseEncodingDirectionDICOM": "ROW",
   "ConversionSoftware": "dcm2niix",
   "ConversionSoftwareVersion": "v1.0.20190410  (JP2:OpenJPEG) (JP-LS:CharLS) GCC5.5.0"
}