{
   "Modality": "MR",
   "MagneticFieldStrength": 3,
   "ImagingFrequency": 123.235,
   "Manufacturer": "Siemens",
   "ManufacturersModelName": "Prisma_fit",
   "InstitutionName": "UMCBIR",
   "InstitutionalDepartmentName": "Department",
   "InstitutionAddress": "Wade_Avenue_55_City_Maryland_US_21228",
   "DeviceSerialNumber": "167003",
   "StationName": "MRC35455",
   "BodyPartExamined": "BRAIN",
   "PatientPosition": "HFS",
   "ProcedureStepDescription": "MPRC_Protocols_Bob_Buchanan",
   "SoftwareVersions": "syngo_MR_E11",
   "MRAcquisitionType": "3D",
   "SeriesDescription": "MPRAGE_TI-900_Buchanan",
   "ProtocolName": "MPRAGE_TI-900_Buchanan",
   "ScanningSequence": "GR_IR",
   "SequenceVariant": "SK_SP_MP",
   "ScanOptions": "IR",
   "SequenceName": "_tfl3d1_16ns",
   "ImageType": [
      "ORIGINAL",
      "PRIMARY",
      "M",
      "ND"
   ],
   "SeriesNumber": 6,
   "AcquisitionTime": "09:34:18.552500",
   "AcquisitionNumber": 1,
   "SliceThickness": 0.9,
   "SAR": 0.0672021,
   "EchoTime": 0.00289,
   "RepetitionTime": 2.3,
   "InversionTime": 0.9,
   "FlipAngle": 9,
   "PartialFourier": 1,
   "BaseResolution": 256,
   "ShimSetting": [
      -1000,
      -11591,
      11577,
      45,
      5,
      -13,
      -26,
      -28
   ],
   "TxRefAmp": 282.846,
   "PhaseResolution": 1,
   "ReceiveCoilName": "HeadNeck_64",
   "ReceiveCoilActiveElements": "HC1-7",
   "PulseSequenceDetails": "%SiemensSeq%_tfl",
   "RefLinesPE": 31,
   "ConsistencyInfo": "N4_VE11C_LATEST_20160120",
   "PercentPhaseFOV": 100,
   "PhaseEncodingSteps": 255,
   "AcquisitionMatrixPE": 256,
   "ReconMatrixPE": 256,
   "PixelBandwidth": 260,
   "DwellTime": 7.5e-06,
   "ImageOrientationPatientDICOM": [
      0.0540721,
      0.997166,
      -0.0523149,
      0.0255579,
      -0.0537565,
      -0.998227
   ],
   "InPlanePhaseEncodingDirectionDICOM": "ROW",
   "ConversionSoftware": "dcm2niix",
   "ConversionSoftwareVersion": "v1.0.20190410  (JP2:OpenJPEG) (JP-LS:CharLS) GCC5.5.0"
}